PATH
  remote: .
  specs:
    stripe-ruby-mock (1.8.4.3)
      dante (>= 0.1.5)
      jimson-temp
      stripe (~> 1.8.4)

GEM
  specs:
    blankslate (3.1.2)
    daemons (1.1.9)
    dante (0.1.5)
    diff-lcs (1.2.4)
    eventmachine (1.0.3)
    jimson-temp (0.9.5)
      blankslate (>= 3.1.2)
      multi_json (~> 1.0)
      rack (~> 1.4)
      rest-client (~> 1.0)
    mime-types (1.23)
    multi_json (1.7.7)
    rack (1.5.2)
    rest-client (1.6.7)
      mime-types (>= 1.16)
    rspec (2.14.1)
      rspec-core (~> 2.14.0)
      rspec-expectations (~> 2.14.0)
      rspec-mocks (~> 2.14.0)
    rspec-core (2.14.4)
    rspec-expectations (2.14.0)
      diff-lcs (>= 1.1.3, < 2.0)
    rspec-mocks (2.14.1)
    rubygems-tasks (0.2.4)
    stripe (1.8.4)
      multi_json (>= 1.0.4, < 2)
      rest-client (~> 1.4)
    thin (1.5.1)
      daemons (>= 1.0.9)
      eventmachine (>= 0.12.6)
      rack (>= 1.0.0)

PLATFORMS
  ruby

DEPENDENCIES
  rspec (~> 2.4)
  rubygems-tasks (~> 0.2)
  stripe-ruby-mock!
  thin
